GEM
  remote: https://rubygems.org/
  specs:
    benchmark (0.4.1)
    erubi (1.13.1)
    logger (1.7.0)
    minitest (5.25.5)
    netrc (0.11.0)
    parallel (1.27.0)
    prism (1.4.0)
    rake (13.3.0)
    rbi (0.3.6)
      prism (~> 1.0)
      rbs (>= 3.4.4)
    rbs (3.9.4)
      logger
    rexml (3.4.1)
    shoulda-context (3.0.0.rc1)
    sorbet (0.5.12371)
      sorbet-static (= 0.5.12371)
    sorbet-runtime (0.5.12371)
    sorbet-static (0.5.12371-x86_64-linux)
    sorbet-static-and-runtime (0.5.12371)
      sorbet (= 0.5.12371)
      sorbet-runtime (= 0.5.12371)
    spoom (1.6.3)
      erubi (>= 1.10.0)
      prism (>= 0.28.0)
      rbi (>= 0.3.3)
      rexml (>= 3.2.6)
      sorbet-static-and-runtime (>= 0.5.10187)
      thor (>= 0.19.2)
    tapioca (0.16.11)
      benchmark
      bundler (>= 2.2.25)
      netrc (>= 0.11.0)
      parallel (>= 1.21.0)
      rbi (~> 0.2)
      sorbet-static-and-runtime (>= 0.5.11087)
      spoom (>= 1.2.0)
      thor (>= 1.2.0)
      yard-sorbet
    thor (1.4.0)
    yard (0.9.37)
    yard-sorbet (0.9.0)
      sorbet-runtime
      yard

PLATFORMS
  x86_64-linux

DEPENDENCIES
  minitest
  rake
  shoulda-context (~> 3.0.0.rc1)
  sorbet
  sorbet-runtime
  tapioca

BUNDLED WITH
   2.4.10
